GEM
  remote: https://rubygems.org/
  specs:
    bundle (0.0.1)
      bundler
    celluloid (0.16.0)
      timers (~> 4.0.0)
    chunky_png (1.3.1)
    compass (0.12.2)
      chunky_png (~> 1.2)
      fssm (>= 0.2.7)
      sass (~> 3.1)
    ffi (1.9.3)
    fssm (0.2.10)
    hitimes (1.2.2)
    listen (2.7.11)
      celluloid (>= 0.15.2)
      rb-fsevent (>= 0.9.3)
      rb-inotify (>= 0.9)
    rb-fsevent (0.9.4)
    rb-inotify (0.9.5)
      ffi (>= 0.5.0)
    sass (3.4.3)
    timers (4.0.1)
      hitimes

PLATFORMS
  ruby

DEPENDENCIES
  bundle
  compass (~> 0.12.2)
  listen (= 2.7.11)
